PATH
  remote: .
  specs:
    pulldown-cmark-rb (0.1.0)
      ffi

GEM
  remote: https://rubygems.org/
  specs:
    benchmark-ips (2.8.2)
    commonmarker (0.21.0)
      ruby-enum (~> 0.5)
    concurrent-ruby (1.1.6)
    ffi (1.13.1)
    i18n (1.8.3)
      concurrent-ruby (~> 1.0)
    minitest (5.14.1)
    rake (12.3.3)
    ruby-enum (0.8.0)
      i18n

PLATFORMS
  ruby

DEPENDENCIES
  benchmark-ips (~> 2.8)
  commonmarker (~> 0.21)
  minitest (~> 5.0)
  pulldown-cmark-rb!
  rake (~> 12.0)

BUNDLED WITH
   2.1.4
